GEM
  remote: https://rubygems.org/
  specs:
    bigdecimal (3.1.9)
    clamby (1.6.8)
    concurrent-ruby (1.3.5)
    mustermann (1.1.2)
      ruby2_keywords (~> 0.0.1)
    nio4r (2.7.4)
    puma (6.6.0)
      nio4r (~> 2.0)
    rack (2.2.13)
    rack-protection (2.1.0)
      rack
    ruby2_keywords (0.0.5)
    sentry-ruby (5.23.0)
      bigdecimal
      concurrent-ruby (~> 1.0, >= 1.0.2)
    sinatra (2.1.0)
      mustermann (~> 1.0)
      rack (~> 2.2)
      rack-protection (= 2.1.0)
      tilt (~> 2.0)
    tilt (2.6.0)

PLATFORMS
  ruby
  x86_64-darwin-19

DEPENDENCIES
  clamby (= 1.6.8)
  puma
  sentry-ruby
  sinatra (= 2.1.0)

RUBY VERSION
   ruby 3.3.4p94

BUNDLED WITH
   2.5.11
