GEM
  remote: https://rubygems.org/
  specs:
    clamby (1.6.2)
    mustermann (1.0.3)
    rack (2.0.8)
    rack-protection (2.0.5)
      rack
    sinatra (2.0.5)
      mustermann (~> 1.0)
      rack (~> 2.0)
      rack-protection (= 2.0.5)
      tilt (~> 2.0)
    tilt (2.0.9)

PLATFORMS
  ruby
  x86_64-darwin-19

DEPENDENCIES
  clamby (= 1.6.2)
  sinatra (= 2.0.5)

RUBY VERSION
   ruby 2.7.2p137

BUNDLED WITH
   2.2.1
