GEM
  remote: https://rubygems.org/
  specs:
    clamby (1.6.8)
    concurrent-ruby (1.1.10)
    mustermann (1.1.1)
      ruby2_keywords (~> 0.0.1)
    nio4r (2.5.8)
    puma (6.0.0)
      nio4r (~> 2.0)
    rack (2.2.3)
    rack-protection (2.1.0)
      rack
    ruby2_keywords (0.0.5)
    sentry-ruby (5.6.0)
      concurrent-ruby (~> 1.0, >= 1.0.2)
    sinatra (2.1.0)
      mustermann (~> 1.0)
      rack (~> 2.2)
      rack-protection (= 2.1.0)
      tilt (~> 2.0)
    tilt (2.0.10)

PLATFORMS
  ruby
  x86_64-darwin-19

DEPENDENCIES
  clamby (= 1.6.8)
  puma
  sentry-ruby
  sinatra (= 2.1.0)

RUBY VERSION
   ruby 3.0.3p157

BUNDLED WITH
   2.3.4
